GEM
  remote: https://rubygems.org/
  specs:
    artifactory (2.8.1)
    aws-sdk (2.0.23)
      aws-sdk-resources (= 2.0.23)
    aws-sdk-core (2.0.23)
      builder (~> 3.0)
      jmespath (~> 1.0)
      multi_json (~> 1.0)
      multi_xml (~> 0.5)
    aws-sdk-resources (2.0.23)
      aws-sdk-core (= 2.0.23)
    builder (3.2.3)
    ec2 (0.0.4)
      aws-sdk (= 2.0.23)
    excon (0.55.0)
    jmespath (1.3.1)
    kitchen-ec2 (1.3.2)
      aws-sdk (~> 2)
      excon
      multi_json
      retryable (~> 2.0)
      test-kitchen (~> 1.4, >= 1.4.1)
    kitchen-vagrant (1.0.2)
      test-kitchen (~> 1.4)
    mixlib-install (2.1.12)
      artifactory
      mixlib-shellout
      mixlib-versioning
      thor
    mixlib-shellout (2.2.7)
    mixlib-versioning (1.1.0)
    multi_json (1.12.1)
    multi_xml (0.6.0)
    net-scp (1.2.1)
      net-ssh (>= 2.6.5)
    net-ssh (4.1.0)
    net-ssh-gateway (1.3.0)
      net-ssh (>= 2.6.5)
    retryable (2.0.4)
    safe_yaml (1.0.4)
    test-kitchen (1.16.0)
      mixlib-install (>= 1.2, < 3.0)
      mixlib-shellout (>= 1.2, < 3.0)
      net-scp (~> 1.1)
      net-ssh (>= 2.9, < 5.0)
      net-ssh-gateway (~> 1.2)
      safe_yaml (~> 1.0)
      thor (~> 0.19, < 0.19.2)
    thor (0.19.1)

PLATFORMS
  ruby

DEPENDENCIES
  ec2
  kitchen-ec2
  kitchen-vagrant
  test-kitchen

BUNDLED WITH
   1.12.5
